GEM
  remote: https://rubygems.org/
  specs:
    dotenv (2.7.5)
    faraday (0.17.0)
      multipart-post (>= 1.2, < 3)
    minitest (5.13.0)
    multipart-post (2.1.1)
    rake (13.0.0)
    slack-notifier (2.3.2)
    thor (0.20.3)

PLATFORMS
  ruby

DEPENDENCIES
  dotenv
  faraday
  minitest
  rake
  slack-notifier
  thor

BUNDLED WITH
   2.0.2
