GEM
  remote: https://rubygems.org/
  specs:
    dotenv (2.7.5)
    eventmachine (1.2.7)
    faraday (0.17.0)
      multipart-post (>= 1.2, < 3)
    faye-websocket (0.10.9)
      eventmachine (>= 0.12.0)
      websocket-driver (>= 0.5.1)
    json (2.2.0)
    minitest (5.13.0)
    multipart-post (2.1.1)
    rake (13.0.1)
    slack-notifier (2.3.2)
    thor (0.20.3)
    websocket-driver (0.7.1)
      websocket-extensions (>= 0.1.0)
    websocket-extensions (0.1.4)

PLATFORMS
  ruby

DEPENDENCIES
  dotenv
  eventmachine
  faraday
  faye-websocket
  json
  minitest
  rake
  slack-notifier
  thor

BUNDLED WITH
   2.0.2
